PATH
  remote: .
  specs:
    zap (0.0.1)
      yajl-ruby

GEM
  remote: http://rubygems.org/
  specs:
    yajl-ruby (0.7.8)

PLATFORMS
  ruby

DEPENDENCIES
  bundler (>= 1.0.0)
  yajl-ruby
  zap!
